GEM
  remote: http://rubygems.org/
  specs:
    diff-lcs (1.1.3)
    grit (2.4.1)
      diff-lcs (~> 1.1)
      mime-types (~> 1.15)
    json (1.6.5)
    mime-types (1.17.2)
    nest (1.1.0)
      redis (~> 2.1)
    ohm (0.1.3)
      nest (~> 1.0)
    ohm-contrib (0.1.2)
      ohm
    redis (2.2.2)

PLATFORMS
  ruby

DEPENDENCIES
  grit (~> 2.4)
  json (~> 1.6)
  ohm (~> 0.1.3)
  ohm-contrib (~> 0.1.2)
